GEM
  remote: http://rubygems.org/
  specs:
    addressable (2.2.7)
    bourbon (1.4.0)
      sass (>= 3.1)
    diff-lcs (1.1.3)
    ffi (1.0.11)
    foreman (0.32.0)
      term-ansicolor (~> 1.0.5)
      thor (>= 0.13.6)
    guard (1.0.1)
      ffi (>= 0.5.0)
      thor (~> 0.14.6)
    guard-rspec (0.6.0)
      guard (>= 0.10.0)
    haml (3.1.4)
    heroku (2.21.2)
      launchy (>= 0.3.2)
      rest-client (~> 1.6.1)
      rubyzip
      term-ansicolor (~> 1.0.5)
    launchy (2.0.5)
      addressable (~> 2.2.6)
    mime-types (1.18)
    rack (1.4.1)
    rack-protection (1.2.0)
      rack
    rack-test (0.6.1)
      rack (>= 1.0)
    rest-client (1.6.7)
      mime-types (>= 1.16)
    rspec (2.8.0)
      rspec-core (~> 2.8.0)
      rspec-expectations (~> 2.8.0)
      rspec-mocks (~> 2.8.0)
    rspec-core (2.8.0)
    rspec-expectations (2.8.0)
      diff-lcs (~> 1.1.2)
    rspec-mocks (2.8.0)
    rubyzip (0.9.6.1)
    sass (3.1.15)
    sinatra (1.3.2)
      rack (~> 1.3, >= 1.3.6)
      rack-protection (~> 1.2)
      tilt (~> 1.3, >= 1.3.3)
    term-ansicolor (1.0.7)
    thor (0.14.6)
    tilt (1.3.3)

PLATFORMS
  ruby

DEPENDENCIES
  bourbon
  foreman
  guard
  guard-rspec
  haml
  heroku
  rack-test
  rspec
  sass
  sinatra
